GEM
  remote: https://rubygems.org/
  specs:
    cgi (0.2.0)
    coderay (1.1.3)
    daemons (1.3.1)
    date (3.1.0)
    diff-lcs (1.4.4)
    erb (2.2.3)
      cgi
    eventmachine (1.2.7-x64-mingw32)
    method_source (1.0.0)
    nokogiri (1.11.2-x64-mingw32)
      racc (~> 1.4)
    open-uri (0.1.0)
      stringio
      time
      uri
    pry (0.14.0)
      coderay (~> 1.1)
      method_source (~> 1.0)
    racc (1.5.2)
    rack (2.2.3)
    rspec (3.10.0)
      rspec-core (~> 3.10.0)
      rspec-expectations (~> 3.10.0)
      rspec-mocks (~> 3.10.0)
    rspec-core (3.10.1)
      rspec-support (~> 3.10.0)
    rspec-expectations (3.10.1)
      diff-lcs (>= 1.2.0, < 2.0)
      rspec-support (~> 3.10.0)
    rspec-mocks (3.10.2)
      diff-lcs (>= 1.2.0, < 2.0)
      rspec-support (~> 3.10.0)
    rspec-support (3.10.2)
    rufo (0.12.0)
    sqlite3 (1.4.2)
    stringio (3.0.0)
    thin (1.8.0)
      daemons (~> 1.0, >= 1.0.9)
      eventmachine (~> 1.0, >= 1.0.4)
      rack (>= 1, < 3)
    tilt (2.0.10)
    time (0.1.0)
      date
    uri (0.10.1)

PLATFORMS
  x64-mingw32

DEPENDENCIES
  erb
  nokogiri
  open-uri
  pry
  rack
  rspec
  rufo
  sqlite3
  thin
  tilt

BUNDLED WITH
   2.2.15
